GEM
  remote: http://rubygems.org/
  specs:
    coffee-script (2.2.0)
      coffee-script-source
      execjs
    coffee-script-source (1.4.0)
    diff-lcs (1.1.3)
    ember-source (1.0.0.rc6.2)
      handlebars-source (= 1.0.12)
    execjs (1.4.0)
      multi_json (~> 1.0)
    handlebars-source (1.0.12)
    libv8 (3.3.10.4)
    listen (0.6.0)
    multi_json (1.5.0)
    rake (10.0.3)
    rspec (2.12.0)
      rspec-core (~> 2.12.0)
      rspec-expectations (~> 2.12.0)
      rspec-mocks (~> 2.12.0)
    rspec-core (2.12.2)
    rspec-expectations (2.12.1)
      diff-lcs (~> 1.1.3)
    rspec-mocks (2.12.1)
    therubyracer (0.10.2)
      libv8 (~> 3.3.10)
    uglifier (1.3.0)
      execjs (>= 0.3.0)
      multi_json (~> 1.0, >= 1.0.2)

PLATFORMS
  ruby

DEPENDENCIES
  coffee-script
  ember-source (= 1.0.0.rc6.2)
  listen
  rake
  rspec
  therubyracer (>= 0.9.8, < 0.11)
  uglifier
